PATH
  remote: .
  specs:
    neography (0.0.17)
      httparty
      json
      os
      rubyzip

GEM
  remote: http://rubygems.org/
  specs:
    diff-lcs (1.1.2)
    httparty (0.8.1)
      multi_json
      multi_xml
    json (1.6.3)
    json (1.6.3-java)
    multi_json (1.0.4)
    multi_xml (0.4.1)
    net-http-spy (0.2.1)
    os (0.9.4)
    rake (0.8.7)
    rspec (2.0.1)
      rspec-core (~> 2.0.1)
      rspec-expectations (~> 2.0.1)
      rspec-mocks (~> 2.0.1)
    rspec-core (2.0.1)
    rspec-expectations (2.0.1)
      diff-lcs (>= 1.1.2)
    rspec-mocks (2.0.1)
      rspec-core (~> 2.0.1)
      rspec-expectations (~> 2.0.1)
    rubyzip (0.9.4)

PLATFORMS
  java
  ruby

DEPENDENCIES
  neography!
  net-http-spy (= 0.2.1)
  rake (~> 0.8.7)
  rspec (~> 2.0.0.beta.22)
