PATH
  remote: .
  specs:
    neography (0.0.16)
      httparty (~> 0.7.3)
      json
      os
      rubyzip

GEM
  remote: http://rubygems.org/
  specs:
    crack (0.1.8)
    diff-lcs (1.1.2)
    httparty (0.7.8)
      crack (= 0.1.8)
    json (1.6.1)
    net-http-spy (0.2.1)
    os (0.9.4)
    rake (0.8.7)
    rspec (2.0.1)
      rspec-core (~> 2.0.1)
      rspec-expectations (~> 2.0.1)
      rspec-mocks (~> 2.0.1)
    rspec-core (2.0.1)
    rspec-expectations (2.0.1)
      diff-lcs (>= 1.1.2)
    rspec-mocks (2.0.1)
      rspec-core (~> 2.0.1)
      rspec-expectations (~> 2.0.1)
    rubyzip (0.9.4)

PLATFORMS
  java
  ruby

DEPENDENCIES
  neography!
  net-http-spy (= 0.2.1)
  rake (~> 0.8.7)
  rspec (~> 2.0.0.beta.22)
