PATH
  remote: .
  specs:
    neography (0.0.19)
      httparty (= 0.7.8)
      json
      os
      rubyzip

GEM
  remote: http://rubygems.org/
  specs:
    crack (0.1.8)
    diff-lcs (1.1.3)
    httparty (0.7.8)
      crack (= 0.1.8)
    json (1.6.4)
    net-http-spy (0.2.1)
    os (0.9.5)
    rake (0.8.7)
    rspec (2.7.0)
      rspec-core (~> 2.7.0)
      rspec-expectations (~> 2.7.0)
      rspec-mocks (~> 2.7.0)
    rspec-core (2.7.1)
    rspec-expectations (2.7.0)
      diff-lcs (~> 1.1.2)
    rspec-mocks (2.7.0)
    rubyzip (0.9.5)

PLATFORMS
  java
  ruby

DEPENDENCIES
  neography!
  net-http-spy (= 0.2.1)
  rake (~> 0.8.7)
  rspec
