PATH
  remote: .
  specs:
    neography (0.0.12)
      activemodel (~> 3.0)
      httparty (~> 0.7.3)
      json

GEM
  remote: http://rubygems.org/
  specs:
    activemodel (3.0.5)
      activesupport (= 3.0.5)
      builder (~> 2.1.2)
      i18n (~> 0.4)
    activesupport (3.0.5)
    archive-tar-minitar (0.5.2)
    builder (2.1.2)
    columnize (0.3.2)
    crack (0.1.8)
    diff-lcs (1.1.2)
    fakeweb (1.3.0)
    httparty (0.7.4)
      crack (= 0.1.8)
    i18n (0.5.0)
    json (1.5.1)
    json (1.5.1-java)
    linecache19 (0.5.11)
      ruby_core_source (>= 0.1.4)
    mocha (0.9.8)
      rake
    net-http-spy (0.2.1)
    rake (0.8.7)
    rspec (2.5.0)
      rspec-core (~> 2.5.0)
      rspec-expectations (~> 2.5.0)
      rspec-mocks (~> 2.5.0)
    rspec-core (2.5.1)
    rspec-expectations (2.5.0)
      diff-lcs (~> 1.1.2)
    rspec-mocks (2.5.0)
    ruby-debug-base19 (0.11.24)
      columnize (>= 0.3.1)
      linecache19 (>= 0.5.11)
      ruby_core_source (>= 0.1.4)
    ruby-debug19 (0.11.6)
      columnize (>= 0.3.1)
      linecache19 (>= 0.5.11)
      ruby-debug-base19 (>= 0.11.19)
    ruby_core_source (0.1.4)
      archive-tar-minitar (>= 0.5.2)

PLATFORMS
  java
  ruby

DEPENDENCIES
  fakeweb (~> 1.3.0)
  mocha (= 0.9.8)
  neography!
  net-http-spy (~> 0.2.1)
  rake (~> 0.8.7)
  rspec (~> 2.4)
  ruby-debug19
